GEM
  remote: https://rubygems.org/
  specs:
    cowsay (0.3.0)

PLATFORMS
  ruby

DEPENDENCIES
  cowsay (~> 0.3.0)

BUNDLED WITH
   2.0.1
