GEM
  remote: https://rubygems.org/
  specs:
    cowsay (0.3.0)

PLATFORMS
  x86_64-linux

DEPENDENCIES
  cowsay (~> 0.3.0)

RUBY VERSION
   ruby 2.5.5p157

BUNDLED WITH
   2.2.22
